GEM
  specs:
    bot_framework (0.1.0beta)
      httparty
      jwt
      oauth2
      rack
    faraday (0.10.1)
      multipart-post (>= 1.2, < 3)
    httparty (0.14.0)
      multi_xml (>= 0.5.2)
    jwt (1.5.6)
    multi_json (1.12.1)
    multi_xml (0.6.0)
    multipart-post (2.0.0)
    oauth2 (1.3.0)
      faraday (>= 0.8, < 0.11)
      jwt (~> 1.0)
      multi_json (~> 1.3)
      multi_xml (~> 0.5)
      rack (>= 1.2, < 3)
    rack (2.0.1)

PLATFORMS
  ruby

DEPENDENCIES
  bot_framework

BUNDLED WITH
   1.14.2
